GEM
  remote: https://rubygems.org/
  specs:
    engtagger (0.1.2)

PLATFORMS
  ruby

DEPENDENCIES
  engtagger
